GEM
  remote: https://rubygems.org/
  specs:
    coderay (1.1.0)
    ffi (1.9.10-java)
    jar-dependencies (0.2.5)
    jruby-kafka (1.4.0-java)
      jar-dependencies (~> 0)
      ruby-maven (~> 3.1)
    method_source (0.8.2)
    pry (0.10.3-java)
      coderay (~> 1.1.0)
      method_source (~> 0.8.1)
      slop (~> 3.4)
      spoon (~> 0.0)
    ruby-maven (3.3.8)
      ruby-maven-libs (~> 3.3.1)
    ruby-maven-libs (3.3.3)
    slop (3.6.0)
    spoon (0.0.4)
      ffi

PLATFORMS
  java

DEPENDENCIES
  jruby-kafka
  pry

BUNDLED WITH
   1.10.6
