GEM
  remote: https://rubygems.org/
  specs:
    celluloid (0.17.2)
      celluloid-essentials
      celluloid-extras
      celluloid-fsm
      celluloid-pool
      celluloid-supervision
      timers (>= 4.1.1)
    celluloid-essentials (0.20.5)
      timers (>= 4.1.1)
    celluloid-extras (0.20.5)
      timers (>= 4.1.1)
    celluloid-fsm (0.20.5)
      timers (>= 4.1.1)
    celluloid-pool (0.20.5)
      timers (>= 4.1.1)
    celluloid-supervision (0.20.5)
      timers (>= 4.1.1)
    coderay (1.1.0)
    ffi (1.9.10-java)
    hitimes (1.2.3-java)
    method_source (0.8.2)
    pry (0.10.3-java)
      coderay (~> 1.1.0)
      method_source (~> 0.8.1)
      slop (~> 3.4)
      spoon (~> 0.0)
    slop (3.6.0)
    spoon (0.0.4)
      ffi
    timers (4.1.1)
      hitimes

PLATFORMS
  java

DEPENDENCIES
  celluloid
  pry

BUNDLED WITH
   1.10.6
